GEM
  remote: https://rubygems.org/
  specs:
    ast (2.4.0)
    diff-lcs (1.3)
    jaro_winkler (1.5.4)
    nio4r (2.5.2)
    parallel (1.19.1)
    parser (2.7.0.2)
      ast (~> 2.4.0)
    pg (1.2.2)
    puma (4.3.1)
      nio4r (~> 2.0)
    rack (2.2.2)
    rainbow (3.0.0)
    rake (13.0.1)
    roda (3.28.0)
      rack
    rspec (3.9.0)
      rspec-core (~> 3.9.0)
      rspec-expectations (~> 3.9.0)
      rspec-mocks (~> 3.9.0)
    rspec-core (3.9.1)
      rspec-support (~> 3.9.1)
    rspec-expectations (3.9.0)
      diff-lcs (>= 1.2.0, < 2.0)
      rspec-support (~> 3.9.0)
    rspec-mocks (3.9.1)
      diff-lcs (>= 1.2.0, < 2.0)
      rspec-support (~> 3.9.0)
    rspec-support (3.9.2)
    rubocop (0.79.0)
      jaro_winkler (~> 1.5.1)
      parallel (~> 1.10)
      parser (>= 2.7.0.1)
      rainbow (>= 2.2.2, < 4.0)
      ruby-progressbar (~> 1.7)
      unicode-display_width (>= 1.4.0, < 1.7)
    ruby-progressbar (1.10.1)
    sequel (5.29.0)
    sequel_pg (1.12.4)
      pg (>= 0.18.0, != 1.2.0)
      sequel (>= 4.38.0)
    unicode-display_width (1.6.1)

PLATFORMS
  ruby

DEPENDENCIES
  puma
  rake
  roda
  rspec
  rubocop
  sequel
  sequel_pg

RUBY VERSION
   ruby 2.7.0p0

BUNDLED WITH
   2.1.2
